PATH
  remote: .
  specs:
    mini-rails (0.0.1)

GEM
  remote: https://rubygems.org/
  specs:
    minitest (5.14.2)
    rake (12.3.3)
    sqlite (1.0.2)

PLATFORMS
  ruby

DEPENDENCIES
  mini-rails!
  minitest (~> 5.0)
  rake (~> 12.0)
  sqlite

BUNDLED WITH
   2.1.4
