PATH
  remote: ../..
  specs:
    mini-rails (0.0.1)

GEM
  remote: https://rubygems.org/
  specs:
    sqlite3 (1.4.2)

PLATFORMS
  ruby

DEPENDENCIES
  mini-rails!
  sqlite3

BUNDLED WITH
   2.1.4
