PATH
  remote: ../..
  specs:
    mini-rails (0.0.1)

GEM
  remote: https://rubygems.org/
  specs:
    sqlite (1.0.2)

PLATFORMS
  ruby

DEPENDENCIES
  mini-rails!
  sqlite

BUNDLED WITH
   2.1.4
